PATH
  remote: .
  specs:
    mediashelf-loggable (0.4.6)

GEM
  remote: http://rubygems.org/
  specs:
    RedCloth (4.2.7)
    columnize (0.3.4)
    git (1.2.5)
    jeweler (1.6.4)
      bundler (~> 1.0)
      git (>= 1.2.5)
      rake
    jnunemaker-matchy (0.4.0)
    linecache (0.46)
      rbx-require-relative (> 0.0.4)
    mocha (0.9.12)
    rake (0.9.2)
    rbx-require-relative (0.0.5)
    rcov (0.9.9)
    ruby-debug (0.10.4)
      columnize (>= 0.1)
      ruby-debug-base (~> 0.10.4.0)
    ruby-debug-base (0.10.4)
      linecache (>= 0.3)
    thoughtbot-shoulda (2.11.1)
    yard (0.7.2)

PLATFORMS
  ruby

DEPENDENCIES
  RedCloth
  jeweler
  jnunemaker-matchy
  mediashelf-loggable!
  mocha
  rcov
  ruby-debug
  thoughtbot-shoulda
  yard
