PATH
  remote: .
  specs:
    mediashelf-loggable (0.4.10)

GEM
  remote: https://rubygems.org/
  specs:
    RedCloth (4.2.9)
    metaclass (0.0.4)
    minitest (4.7.5)
    mocha (1.1.0)
      metaclass (~> 0.0.1)
    rake (10.3.2)
    test-unit (2.5.5)
    thoughtbot-shoulda (2.11.1)
    yard (0.8.7.4)

PLATFORMS
  ruby

DEPENDENCIES
  RedCloth
  mediashelf-loggable!
  minitest (~> 4.0)
  mocha (~> 1.0)
  rake
  test-unit
  thoughtbot-shoulda
  yard
